STORAGE: NONE
RESTRICTION: || (== netcoreapp3.0) (== netstandard2.0) (== netstandard2.1)
NUGET
  remote: https://api.nuget.org/v3/index.json
    Aerospike.Client (3.9.2)
      Iconic.Zlib.Netstandard (>= 1.0)
      NETStandard.Library (>= 2.0)
    FSharp.Core (4.7)
    FSharp.Data (3.3.3)
      FSharp.Core (>= 4.3.4)
    Iconic.Zlib.Netstandard (1.0)
      NETStandard.Library (>= 1.6)
    Microsoft.NETCore.Platforms (3.1)
    NETStandard.Library (2.0.3)
      Microsoft.NETCore.Platforms (>= 1.1)
